PATH
  remote: .
  specs:
    batch_factory (0.1.0)
      activesupport
      roo (~> 1.10)

GEM
  remote: https://rubygems.org/
  specs:
    activesupport (4.2.5)
      i18n (~> 0.7)
      json (~> 1.7, >= 1.7.7)
      minitest (~> 5.1)
      thread_safe (~> 0.3, >= 0.3.4)
      tzinfo (~> 1.1)
    diff-lcs (1.2.5)
    i18n (0.7.0)
    json (1.8.3)
    mini_portile2 (2.0.0)
    minitest (5.8.3)
    nokogiri (1.6.7.1)
      mini_portile2 (~> 2.0.0.rc2)
    roo (1.13.2)
      nokogiri
      rubyzip
      spreadsheet (> 0.6.4)
    rspec (2.99.0)
      rspec-core (~> 2.99.0)
      rspec-expectations (~> 2.99.0)
      rspec-mocks (~> 2.99.0)
    rspec-core (2.99.2)
    rspec-expectations (2.99.2)
      diff-lcs (>= 1.1.3, < 2.0)
    rspec-its (1.0.1)
      rspec-core (>= 2.99.0.beta1)
      rspec-expectations (>= 2.99.0.beta1)
    rspec-mocks (2.99.3)
    ruby-ole (1.2.12)
    rubyzip (1.1.7)
    spreadsheet (1.1.1)
      ruby-ole (>= 1.0)
    thread_safe (0.3.5)
    tzinfo (1.2.2)
      thread_safe (~> 0.1)

PLATFORMS
  ruby

DEPENDENCIES
  batch_factory!
  rspec (~> 2.10)
  rspec-its

BUNDLED WITH
   1.11.2
